GEM
  remote: https://rubygems.org/
  specs:
    httpclient (2.3.4.1)
    json (1.7.7)
    mime-types (1.24)
    rack (1.5.2)
    rack-protection (1.5.0)
      rack
    rest-client (1.6.7)
      mime-types (>= 1.16)
    sinatra (1.4.3)
      rack (~> 1.4)
      rack-protection (~> 1.4)
      tilt (~> 1.3, >= 1.3.4)
    tilt (1.4.1)

PLATFORMS
  ruby

DEPENDENCIES
  httpclient
  json
  rest-client
  sinatra
